GEM
  remote: https://rubygems.org/
  specs:
    docker-api (1.21.0)
      excon (>= 0.38.0)
      json
    excon (0.45.1)
    gpgme (2.0.8)
      mini_portile (>= 0.5.0)
    json (1.8.2)
    mini_portile (0.6.2)

PLATFORMS
  ruby

DEPENDENCIES
  docker-api
  gpgme (~> 2.0)
